PATH
  remote: .
  specs:
    rack_new_window (0.0.1)
      rack
      rack_replace

GEM
  remote: http://rubygems.org/
  specs:
    columnize (0.3.4)
    linecache (0.46)
      rbx-require-relative (> 0.0.4)
    rack (1.3.3)
    rack_replace (0.0.1)
      rack
    rake (0.9.2)
    rbx-require-relative (0.0.5)
    ruby-debug (0.10.4)
      columnize (>= 0.1)
      ruby-debug-base (~> 0.10.4.0)
    ruby-debug-base (0.10.4)
      linecache (>= 0.3)

PLATFORMS
  ruby

DEPENDENCIES
  rack_new_window!
  rake
  ruby-debug
